PATH
  remote: .
  specs:
    acts_as_hoc_user (1.0.4)
      bcrypt (~> 3.1.7)
      jwt

GEM
  remote: https://rubygems.org/
  specs:
    bcrypt (3.1.12)
    jwt (2.1.0)
    rake (10.4.2)

PLATFORMS
  ruby

DEPENDENCIES
  acts_as_hoc_user!
  bundler (~> 1.16.a)
  rake (~> 10.0)

BUNDLED WITH
   1.16.0.pre.2
